GEM
  remote: http://rubygems.org/
  remote: http://geminst:hoa3laml@gems-internal.engineyard.com/
  specs:
    activesupport (2.3.14)
    builder (3.0.0)
    capistrano (2.9.0)
      highline
      net-scp (>= 1.0.0)
      net-sftp (>= 2.0.0)
      net-ssh (>= 2.0.14)
      net-ssh-gateway (>= 1.1.0)
    diff-lcs (1.1.3)
    escape (0.0.4)
    excon (0.9.4)
    ey_cluster_xml (0.0.25)
      grit
    ey_statsd (0.0.11)
    fastthread (1.0.7)
    fog (1.1.2)
      builder
      excon (~> 0.9.0)
      formatador (~> 0.2.0)
      mime-types
      multi_json (~> 1.0.3)
      net-scp (~> 1.0.4)
      net-ssh (>= 2.1.3)
      nokogiri (~> 1.5.0)
      ruby-hmac
    formatador (0.2.1)
    grit (2.4.1)
      diff-lcs (~> 1.1)
      mime-types (~> 1.15)
    highline (1.6.9)
    json (1.6.3)
    mime-types (1.17.2)
    multi_json (1.0.4)
    net-scp (1.0.4)
      net-ssh (>= 1.99.1)
    net-sftp (2.0.5)
      net-ssh (>= 2.0.9)
    net-ssh (2.2.1)
    net-ssh-gateway (1.1.0)
      net-ssh (>= 1.99.1)
    nokogiri (1.5.0)
    ruby-hmac (0.4.0)
    samurai (0.22.231)
      activesupport (~> 2.3.4)
      builder
      capistrano (>= 2.5.19)
      escape
      ey_cluster_xml (>= 0.0.25)
      ey_statsd
      fastthread (>= 1.0.7)
      json
      net-sftp (>= 2.0.2)
      nokogiri (>= 1.4.2)
      xml-simple (~> 1.0.12)
    xml-simple (1.0.16)

PLATFORMS
  ruby

DEPENDENCIES
  fog
  samurai
